GEM
  remote: https://rubygems.org/
  specs:
    CFPropertyList (3.0.3)
    ffi (1.15.0)
    ffi-xattr (0.1.2)
      ffi
    minitest (5.14.4)
    minitest-color (0.0.2)
      minitest (~> 5)
    rake (13.0.3)
    rexml (3.2.5)

PLATFORMS
  x86_64-darwin-19

DEPENDENCIES
  CFPropertyList
  ffi-xattr
  minitest
  minitest-color
  rake
  rexml

BUNDLED WITH
   2.2.17
