PATH
  remote: .
  specs:
    macos-tags (0.1.0)
      CFPropertyList
      ffi-xattr
      rexml

GEM
  remote: https://rubygems.org/
  specs:
    CFPropertyList (3.0.3)
    ffi (1.15.0)
    ffi-xattr (0.1.2)
      ffi
    minitest (5.14.4)
    rake (13.0.3)
    rexml (3.2.5)

PLATFORMS
  x86_64-darwin-19

DEPENDENCIES
  macos-tags!
  minitest
  rake

BUNDLED WITH
   2.2.17
